PATH
  remote: .
  specs:
    engineyard (3.2.1)

PATH
  remote: ~/git/core
  specs:
    ey-core (3.0.5)
      addressable (~> 2.2)
      awesome_print
      belafonte
      cistern (~> 0.12)
      colorize
      escape
      ey-hmac (~> 2.0)
      faraday (~> 0.9)
      faraday_middleware (~> 0.9)
      faye
      mime-types (~> 2.99)
      oj
      oj_mimic_json
      pry
      sshkey (~> 1.6)
      table_print

GEM
  remote: https://rubygems.org/
  specs:
    addressable (2.4.0)
    awesome_print (1.6.1)
    belafonte (0.5.0)
      optionally
      wrapomatic (~> 0.3)
    cistern (0.12.2)
    coderay (1.1.1)
    colorize (0.7.7)
    cookiejar (0.3.0)
    em-http-request (1.1.3)
      addressable (>= 2.3.4)
      cookiejar (<= 0.3.0)
      em-socksify (>= 0.3)
      eventmachine (>= 1.0.3)
      http_parser.rb (>= 0.6.0)
    em-socksify (0.3.1)
      eventmachine (>= 1.0.0.beta.4)
    escape (0.0.4)
    eventmachine (1.2.0.1)
    ey-hmac (2.1.0)
    faraday (0.9.2)
      multipart-post (>= 1.2, < 3)
    faraday_middleware (0.10.0)
      faraday (>= 0.7.4, < 0.10)
    faye (1.1.2)
      cookiejar (>= 0.3.0)
      em-http-request (>= 0.3.0)
      eventmachine (>= 0.12.0)
      faye-websocket (>= 0.9.1)
      multi_json (>= 1.0.0)
      rack (>= 1.0.0)
      websocket-driver (>= 0.5.1)
    faye-websocket (0.10.3)
      eventmachine (>= 0.12.0)
      websocket-driver (>= 0.5.1)
    http_parser.rb (0.6.0)
    method_source (0.8.2)
    mime-types (2.99.1)
    multi_json (1.12.0)
    multipart-post (2.0.0)
    oj (2.15.0)
    oj_mimic_json (1.0.1)
    optionally (0.0.3)
    pry (0.10.3)
      coderay (~> 1.1.0)
      method_source (~> 0.8.1)
      slop (~> 3.4)
    rack (1.6.4)
    slop (3.6.0)
    sshkey (1.8.0)
    table_print (1.5.6)
    websocket-driver (0.6.3)
      websocket-extensions (>= 0.1.0)
    websocket-extensions (0.1.2)
    wrapomatic (0.3.0)

PLATFORMS
  ruby

DEPENDENCIES
  engineyard!
  ey-core!

BUNDLED WITH
   1.12.3
